GEM
  remote: http://rubygems.org/
  specs:
    diff-lcs (1.1.3)
    facter (1.6.17)
    metaclass (0.0.1)
    mocha (0.13.2)
      metaclass (~> 0.0.1)
    puppet (2.7.20)
      facter (~> 1.5)
    rake (0.8.7)
    rspec (2.12.0)
      rspec-core (~> 2.12.0)
      rspec-expectations (~> 2.12.0)
      rspec-mocks (~> 2.12.0)
    rspec-core (2.12.2)
    rspec-expectations (2.12.1)
      diff-lcs (~> 1.1.3)
    rspec-mocks (2.12.2)

PLATFORMS
  ruby

DEPENDENCIES
  mocha (>= 0.12.7)
  puppet (~> 2.7)
  rake (~> 0.8.7)
  rspec (>= 2)
